GEM
  remote: https://rubygems.org/
  specs:
    aws-sdk (2.6.18)
      aws-sdk-resources (= 2.6.18)
    aws-sdk-core (2.6.18)
      jmespath (~> 1.0)
    aws-sdk-resources (2.6.18)
      aws-sdk-core (= 2.6.18)
    builder (3.2.2)
    fakes3 (0.2.4)
      builder
      thor
    jmespath (1.3.1)
    thor (0.19.1)

PLATFORMS
  ruby

DEPENDENCIES
  aws-sdk (~> 2)
  fakes3

BUNDLED WITH
   1.13.6
